GEM
  remote: https://rubygems.org/
  specs:
    actionmailer (2.3.18)
      actionpack (= 2.3.18)
    actionpack (2.3.18)
      activesupport (= 2.3.18)
      rack (~> 1.1.0)
    activerecord (2.3.18)
      activesupport (= 2.3.18)
    activeresource (2.3.18)
      activesupport (= 2.3.18)
    activesupport (2.3.18)
    acts-as-taggable-on (2.0.6)
    acts_as_tree (0.1.1)
    authlogic (2.1.6)
      activesupport
    babosa (0.2.0)
    calendar_date_select (1.16.4)
    countries (0.6.2)
      currencies (= 0.4.0)
      currencies (>= 0.2.0)
    curb (0.7.12)
    currencies (0.4.0)
    faraday (0.9.1)
      multipart-post (>= 1.2, < 3)
    friendly_id (3.1.7)
      babosa (~> 0.2.0)
    multi_json (1.11.2)
    multipart-post (2.0.0)
    mysql (2.9.1)
    nokogiri (1.4.7)
    paperclip (2.3.5)
      activerecord
      activesupport
    prawn (0.8.4)
      prawn-core (>= 0.8.4, < 0.9)
      prawn-layout (>= 0.8.4, < 0.9)
      prawn-security (>= 0.8.4, < 0.9)
    prawn-core (0.8.4)
    prawn-layout (0.8.4)
    prawn-security (0.8.4)
    rack (1.1.6)
    rails (2.3.18)
      actionmailer (= 2.3.18)
      actionpack (= 2.3.18)
      activerecord (= 2.3.18)
      activeresource (= 2.3.18)
      activesupport (= 2.3.18)
      rake (>= 0.8.3)
    rake (10.4.2)
    rdoc (2.4.2)
    recaptcha (0.3.1)
    sanitize (2.0.3)
      nokogiri (>= 1.4.4, < 1.6)
    searchlogic (2.5.14)
      activerecord (~> 2.3.12)
      activesupport (~> 2.3.12)
    simple_oauth (0.3.1)
    twitter (4.8.1)
      faraday (~> 0.8, < 0.10)
      multi_json (~> 1.0)
      simple_oauth (~> 0.2)
    will_paginate (2.3.16)

PLATFORMS
  ruby

DEPENDENCIES
  acts-as-taggable-on (= 2.0.6)
  acts_as_tree (~> 0.1.1)
  authlogic (= 2.1.6)
  babosa (= 0.2.0)
  calendar_date_select (~> 1.15)
  countries (= 0.6.2)
  curb (= 0.7.12)
  friendly_id (= 3.1.7)
  mysql (~> 2.9.1)
  nokogiri (~> 1.4.7)
  paperclip (= 2.3.5)
  prawn (= 0.8.4)
  prawn-core (= 0.8.4)
  prawn-layout (= 0.8.4)
  prawn-security (= 0.8.4)
  rails (= 2.3.18)
  rdoc (= 2.4.2)
  recaptcha (= 0.3.1)
  sanitize (= 2.0.3)
  searchlogic (= 2.5.14)
  twitter (= 4.8.1)
  will_paginate (= 2.3.16)

BUNDLED WITH
   1.10.3
